GEM
  remote: https://rubygems.org/
  specs:
    ast (2.3.0)
    daemons (1.2.4)
    eventmachine (1.2.5)
    mustermann (1.0.1)
    org-ruby (0.9.12)
      rubypants (~> 0.2)
    parallel (1.12.0)
    parser (2.4.0.0)
      ast (~> 2.2)
    powerpack (0.1.1)
    rack (2.0.3)
    rack-protection (2.0.0)
      rack
    rainbow (2.2.2)
      rake
    rake (12.0.0)
    rubocop (0.49.1)
      parallel (~> 1.10)
      parser (>= 2.3.3.1, < 3.0)
      powerpack (~> 0.1)
      rainbow (>= 1.99.1, < 3.0)
      ruby-progressbar (~> 1.7)
      unicode-display_width (~> 1.0, >= 1.0.1)
    ruby-progressbar (1.8.1)
    rubypants (0.6.0)
    sinatra (2.0.0)
      mustermann (~> 1.0)
      rack (~> 2.0)
      rack-protection (= 2.0.0)
      tilt (~> 2.0)
    slim (3.0.8)
      temple (>= 0.7.6, < 0.9)
      tilt (>= 1.3.3, < 2.1)
    temple (0.8.0)
    thin (1.7.2)
      daemons (~> 1.0, >= 1.0.9)
      eventmachine (~> 1.0, >= 1.0.4)
      rack (>= 1, < 3)
    tilt (2.0.8)
    unicode-display_width (1.3.0)

PLATFORMS
  ruby

DEPENDENCIES
  org-ruby (~> 0.9)
  rainbow (~> 2.2)
  rake (~> 12.0)
  rubocop
  sinatra (~> 2.0)
  slim (~> 3.0)
  thin (~> 1.7)

BUNDLED WITH
   1.15.4
